PATH
  remote: .
  specs:
    haiti-hash (2.0.0)
      docopt (~> 0.6)
      paint (~> 2.2)

GEM
  remote: https://rubygems.org/
  specs:
    asciidoctor (2.0.20)
    ast (2.4.2)
    base64 (0.1.1)
    commonmarker (0.23.10)
    docopt (0.6.1)
    hpricot (0.8.6)
    json (2.6.3)
    language_server-protocol (3.17.0.3)
    minitest (5.20.0)
    mustache (1.1.1)
    paint (2.3.0)
    parallel (1.23.0)
    parser (3.2.2.3)
      ast (~> 2.4.1)
      racc
    racc (1.7.1)
    rainbow (3.1.1)
    rake (13.0.6)
    rdiscount (2.2.7.1)
    regexp_parser (2.8.1)
    rexml (3.2.6)
    ronn (0.7.3)
      hpricot (>= 0.8.2)
      mustache (>= 0.7.0)
      rdiscount (>= 1.5.8)
    rubocop (1.56.3)
      base64 (~> 0.1.1)
      json (~> 2.3)
      language_server-protocol (>= 3.17.0)
      parallel (~> 1.10)
      parser (>= 3.2.2.3)
      rainbow (>= 2.2.2, < 4.0)
      regexp_parser (>= 1.8, < 3.0)
      rexml (>= 3.2.5, < 4.0)
      rubocop-ast (>= 1.28.1, < 2.0)
      ruby-progressbar (~> 1.7)
      unicode-display_width (>= 2.4.0, < 3.0)
    rubocop-ast (1.29.0)
      parser (>= 3.2.1.0)
    ruby-progressbar (1.13.0)
    unicode-display_width (2.4.2)
    yard (0.9.34)

PLATFORMS
  x86_64-linux

DEPENDENCIES
  asciidoctor (~> 2.0, >= 2.0.20)
  bundler (~> 2.1)
  commonmarker (~> 0.23)
  docopt (~> 0.6)
  haiti-hash!
  minitest (~> 5.18)
  paint (~> 2.3)
  rake (~> 13.0)
  ronn (>= 0.7.3)
  rubocop (~> 1.50)
  yard (>= 0.9.27, < 0.10)

BUNDLED WITH
   2.4.10
